PATH
  remote: .
  specs:
    sidekiq-cronitor (3.6.0)
      cronitor (~> 5.0)
      sidekiq (< 8)

GEM
  remote: https://rubygems.org/
  specs:
    bump (0.10.0)
    concurrent-ruby (1.2.0)
    connection_pool (2.3.0)
    cronitor (5.0.0)
      httparty
    diff-lcs (1.3)
    httparty (0.21.0)
      mini_mime (>= 1.0.0)
      multi_xml (>= 0.5.2)
    mini_mime (1.1.2)
    multi_xml (0.6.0)
    rack (3.0.4.2)
    rake (13.0.1)
    redis-client (0.12.1)
      connection_pool
    rspec (3.7.0)
      rspec-core (~> 3.7.0)
      rspec-expectations (~> 3.7.0)
      rspec-mocks (~> 3.7.0)
    rspec-core (3.7.0)
      rspec-support (~> 3.7.0)
    rspec-expectations (3.7.0)
      diff-lcs (>= 1.2.0, < 2.0)
      rspec-support (~> 3.7.0)
    rspec-mocks (3.7.0)
      diff-lcs (>= 1.2.0, < 2.0)
      rspec-support (~> 3.7.0)
    rspec-support (3.7.0)
    sidekiq (7.0.3)
      concurrent-ruby (< 2)
      connection_pool (>= 2.3.0)
      rack (>= 2.2.4)
      redis-client (>= 0.11.0)

PLATFORMS
  ruby

DEPENDENCIES
  bump (~> 0.1)
  bundler (~> 2.1)
  rake (~> 13.0)
  rspec (~> 3.0)
  sidekiq-cronitor!

BUNDLED WITH
   2.1.4
