PATH
  remote: .
  specs:
    sidekiq-cronitor (3.5.0)
      cronitor (~> 5.0)
      sidekiq (~> 6.0)

GEM
  remote: https://rubygems.org/
  specs:
    bump (0.10.0)
    connection_pool (2.2.5)
    cronitor (5.0.0)
      httparty
    diff-lcs (1.3)
    httparty (0.21.0)
      mini_mime (>= 1.0.0)
      multi_xml (>= 0.5.2)
    mini_mime (1.1.2)
    multi_xml (0.6.0)
    rack (2.2.6.2)
    rake (13.0.1)
    redis (4.7.1)
    rspec (3.7.0)
      rspec-core (~> 3.7.0)
      rspec-expectations (~> 3.7.0)
      rspec-mocks (~> 3.7.0)
    rspec-core (3.7.0)
      rspec-support (~> 3.7.0)
    rspec-expectations (3.7.0)
      diff-lcs (>= 1.2.0, < 2.0)
      rspec-support (~> 3.7.0)
    rspec-mocks (3.7.0)
      diff-lcs (>= 1.2.0, < 2.0)
      rspec-support (~> 3.7.0)
    rspec-support (3.7.0)
    sidekiq (6.5.4)
      connection_pool (>= 2.2.2)
      rack (~> 2.0)
      redis (>= 4.5.0)

PLATFORMS
  ruby

DEPENDENCIES
  bump (~> 0.1)
  bundler (~> 2.1)
  rake (~> 13.0)
  rspec (~> 3.0)
  sidekiq-cronitor!

BUNDLED WITH
   2.1.4
